GIT
  remote: git://github.com/rstacruz/sinatra-assetpack.git
  revision: e1ed758bf9de40082c86619e1d39006dfefaae3b
  specs:
    sinatra-assetpack (0.3.3)
      jsmin
      rack-test
      sinatra
      tilt (>= 1.3.0, < 2.0)

GEM
  remote: http://rubygems.org/
  specs:
    backports (3.6.0)
    coderay (1.1.0)
    diff-lcs (1.2.5)
    dna (0.3.0)
    execjs (2.2.1)
    haml (4.0.5)
      tilt
    jsmin (1.0.1)
    json (1.8.1)
    method_source (0.8.2)
    multi_json (1.10.1)
    pg (0.17.1)
    pry (0.10.1)
      coderay (~> 1.1.0)
      method_source (~> 0.8.1)
      slop (~> 3.4)
    rack (1.5.2)
    rack-protection (1.5.3)
      rack
    rack-test (0.6.2)
      rack (>= 1.0)
    rake (0.9.6)
    rspec (3.1.0)
      rspec-core (~> 3.1.0)
      rspec-expectations (~> 3.1.0)
      rspec-mocks (~> 3.1.0)
    rspec-core (3.1.2)
      rspec-support (~> 3.1.0)
    rspec-expectations (3.1.0)
      diff-lcs (>= 1.2.0, < 2.0)
      rspec-support (~> 3.1.0)
    rspec-mocks (3.1.0)
      rspec-support (~> 3.1.0)
    rspec-support (3.1.0)
    sequel (4.6.0)
    sinatra (1.4.5)
      rack (~> 1.4)
      rack-protection (~> 1.4)
      tilt (~> 1.3, >= 1.3.4)
    sinatra-contrib (1.4.2)
      backports (>= 2.0)
      multi_json
      rack-protection
      rack-test
      sinatra (~> 1.4.0)
      tilt (~> 1.3)
    sinatra-reloader (1.0)
      sinatra-contrib
    slop (3.6.0)
    sqlite3 (1.3.8)
    tilt (1.4.1)
    uglifier (2.5.3)
      execjs (>= 0.3.0)
      json (>= 1.8.0)

PLATFORMS
  ruby

DEPENDENCIES
  dna
  haml
  pg
  pry
  rack-test
  rake
  rspec
  sequel
  sinatra
  sinatra-assetpack!
  sinatra-reloader
  sqlite3
  uglifier
